PATH
  remote: .
  specs:
    gravatar-ultimate (2.0.0)
      activesupport (>= 2.3.14)
      rack
      xmlrpc

GEM
  remote: http://rubygems.org/
  specs:
    activesupport (4.0.1)
      i18n (~> 0.6, >= 0.6.4)
      minitest (~> 4.2)
      multi_json (~> 1.3)
      thread_safe (~> 0.1)
      tzinfo (~> 0.3.37)
    atomic (1.1.14)
    coveralls (0.7.0)
      multi_json (~> 1.3)
      rest-client
      simplecov (>= 0.7)
      term-ansicolor
      thor
    diff-lcs (1.2.4)
    domain_name (0.6.20240107)
    fakeweb (1.3.0)
    http-cookie (1.0.8)
      domain_name (~> 0.5)
    i18n (0.8.0)
    mime-types (2.99.3)
    minitest (4.7.5)
    multi_json (1.8.2)
    netrc (0.11.0)
    rack (2.2.11)
    rake (12.3.3)
    rdoc (6.1.2.1)
    rest-client (1.8.0)
      http-cookie (>= 1.0.2, < 2.0)
      mime-types (>= 1.16, < 3.0)
      netrc (~> 0.7)
    rspec (2.14.1)
      rspec-core (~> 2.14.0)
      rspec-expectations (~> 2.14.0)
      rspec-mocks (~> 2.14.0)
    rspec-core (2.14.7)
    rspec-expectations (2.14.3)
      diff-lcs (>= 1.1.3, < 2.0)
    rspec-mocks (2.14.4)
    simplecov (0.7.1)
      multi_json (~> 1.0)
      simplecov-html (~> 0.7.1)
    simplecov-html (0.7.1)
    term-ansicolor (1.2.2)
      tins (~> 0.8)
    thor (0.18.1)
    thread_safe (0.1.3)
      atomic
    tins (0.12.0)
    tzinfo (0.3.61)
    webrick (1.9.1)
    xmlrpc (0.3.3)
      webrick

PLATFORMS
  ruby

DEPENDENCIES
  coveralls
  fakeweb (>= 1.2.8)
  gravatar-ultimate!
  i18n (~> 0.8.0)
  jruby-openssl
  rake (~> 12.3.3)
  rdoc (~> 6.1)
  rspec (>= 1.3.0)
